GEM
  specs:
    activemodel (5.0.0.1)
      activesupport (= 5.0.0.1)
    activesupport (5.0.0.1)
      concurrent-ruby (~> 1.0, >= 1.0.2)
      i18n (~> 0.7)
      minitest (~> 5.1)
      tzinfo (~> 1.1)
    bigdecimal (1.2.6)
    bson (4.1.1)
    byebug (9.0.6)
    concurrent-ruby (1.0.2)
    i18n (0.7.0)
    io-console (0.4.3)
    json (1.8.1)
    minitest (5.9.1)
    mongo (2.3.1)
      bson (~> 4.1)
    mongoid (6.0.2)
      activemodel (~> 5.0)
      mongo (~> 2.3)
    psych (2.0.8)
    rake (10.4.2)
    rdoc (4.2.0)
    thread_safe (0.3.5)
    tzinfo (1.2.2)
      thread_safe (~> 0.1)

PLATFORMS
  ruby

DEPENDENCIES
  activemodel (~> 5.0.0.1)
  activesupport (~> 5.0.0.1)
  bigdecimal (~> 1.2.6)
  bson (~> 4.1.1)
  bundler (~> 1.13.6)
  byebug (~> 9.0.6)
  concurrent-ruby (~> 1.0.2)
  i18n (~> 0.7.0)
  io-console (~> 0.4.3)
  json (~> 1.8.1)
  minitest (~> 5.9.1)
  mongo (~> 2.3.1)
  mongoid (~> 6.0.2)
  psych (~> 2.0.8)
  rake (~> 10.4.2)
  rdoc (~> 4.2.0)
  thread_safe (~> 0.3.5)
  tzinfo (~> 1.2.2)

RUBY VERSION
   ruby 2.2.2p95

BUNDLED WITH
   1.13.6
